GEM
  remote: https://rubygems.org/
  specs:
    awesome_print (1.6.1)
    terminal-table (1.4.5)

PLATFORMS
  ruby

DEPENDENCIES
  awesome_print
  terminal-table
