GEM
  remote: http://rubygems.org/
  specs:
    awesome_print (1.6.1)
    byebug (3.5.1)
      columnize (~> 0.8)
      debugger-linecache (~> 1.2)
      slop (~> 3.6)
    columnize (0.9.0)
    debugger-linecache (1.2.0)
    slop (3.6.0)
    terminal-table (1.4.5)

PLATFORMS
  ruby
  x86-mingw32

DEPENDENCIES
  awesome_print
  byebug
  terminal-table
