GEM
  remote: http://rubygems.org/
  specs:
    awesome_print (1.6.1)
    colorize (0.7.5)
    os (0.9.6)
    terminal-table (1.4.5)

PLATFORMS
  ruby
  x86-mingw32

DEPENDENCIES
  awesome_print
  colorize
  os
  terminal-table
